GEM
  remote: http://rubygems.org/
  specs:
    ethon (0.7.4)
      ffi (>= 1.3.0)
    ffi (1.9.8)
    mini_portile (0.6.2)
    nokogiri (1.6.6.2)
      mini_portile (~> 0.6.0)
    power_assert (0.2.2)
    rake (10.4.2)
    test-unit (3.0.8)
      power_assert
    typhoeus (0.7.2)
      ethon (>= 0.7.4)

PLATFORMS
  ruby

DEPENDENCIES
  nokogiri (~> 1.4)
  rake
  test-unit
  typhoeus
